PATH
  remote: .
  specs:
    europeana-proxy (0.1.0)
      europeana-api (~> 0.3.1)
      mime-types (~> 2.4)
      rack-proxy (~> 0.5)

GEM
  remote: https://rubygems.org/
  specs:
    activesupport (4.2.1)
      i18n (~> 0.7)
      json (~> 1.7, >= 1.7.7)
      minitest (~> 5.1)
      thread_safe (~> 0.3, >= 0.3.4)
      tzinfo (~> 1.1)
    diff-lcs (1.2.5)
    dotenv (2.0.1)
    europeana-api (0.3.1)
      activesupport (>= 3.0)
      multi_json (~> 1.0)
    i18n (0.7.0)
    json (1.8.2)
    mime-types (2.5)
    minitest (5.6.1)
    multi_json (1.11.0)
    puma (2.11.2)
      rack (>= 1.1, < 2.0)
    rack (1.6.0)
    rack-proxy (0.5.17)
      rack
    rake (10.4.2)
    rspec (3.2.0)
      rspec-core (~> 3.2.0)
      rspec-expectations (~> 3.2.0)
      rspec-mocks (~> 3.2.0)
    rspec-core (3.2.3)
      rspec-support (~> 3.2.0)
    rspec-expectations (3.2.1)
      diff-lcs (>= 1.2.0, < 2.0)
      rspec-support (~> 3.2.0)
    rspec-mocks (3.2.1)
      diff-lcs (>= 1.2.0, < 2.0)
      rspec-support (~> 3.2.0)
    rspec-support (3.2.2)
    thread_safe (0.3.5)
    tzinfo (1.2.2)
      thread_safe (~> 0.1)

PLATFORMS
  ruby

DEPENDENCIES
  bundler (~> 1.9)
  dotenv
  europeana-proxy!
  puma (>= 2.0.0)
  rake (~> 10.0)
  rspec (~> 3.2)
